GEM
  remote: http://rubygems.org/
  specs:
    growl (1.0.3)
    mqtt (0.0.8)

PLATFORMS
  ruby

DEPENDENCIES
  growl
  mqtt
