GEM
  remote: http://rubygems.org/
  specs:
    mqtt (0.0.8)
    terminal-notifier (1.4.2)

PLATFORMS
  ruby

DEPENDENCIES
  mqtt
  terminal-notifier
